PATH
  remote: .
  specs:
    locomotivecms_mounter (1.0.0)
      RedCloth (~> 4.2.3)
      activesupport (>= 3.2.5, < 7.1.0)
      coffee-script (~> 2.2.0)
      colorize (~> 0.5.8)
      compass (~> 0.12.1)
      haml (= 3.2.0.beta.3)
      httmultiparty (~> 0.3.8)
      i18n (~> 0.6.0)
      json (~> 1.6.5)
      less (~> 2.2.1)
      logger
      mime-types (~> 1.19)
      multi_json (~> 1.2.0)
      sass (~> 3.2.1)
      stringex (~> 1.4.0)
      therubyracer (~> 0.10.2)
      tilt (= 1.3.3)
      zip (~> 2.0.2)

GEM
  remote: http://rubygems.org/
  specs:
    RedCloth (4.2.9)
    activesupport (3.2.22.5)
      i18n (~> 0.6, >= 0.6.4)
      multi_json (~> 1.0)
    chunky_png (1.4.0)
    coffee-script (2.2.0)
      coffee-script-source
      execjs
    coffee-script-source (1.12.2)
    colorize (0.5.8)
    commonjs (0.2.7)
    compass (0.12.7)
      chunky_png (~> 1.2)
      fssm (>= 0.2.7)
      sass (~> 3.2.19)
    diff-lcs (1.1.3)
    execjs (2.8.1)
    fssm (0.2.10)
    haml (3.2.0.beta.3)
      tilt
    httmultiparty (0.3.16)
      httparty (>= 0.7.3)
      mimemagic
      multipart-post
    httparty (0.21.0)
      mini_mime (>= 1.0.0)
      multi_xml (>= 0.5.2)
    i18n (0.6.11)
    json (1.6.8)
    less (2.2.2)
      commonjs (~> 0.2.6)
    libv8 (3.3.10.4)
    logger (1.5.3)
    mime-types (1.25.1)
    mimemagic (0.4.3)
      nokogiri (~> 1)
      rake
    mini_mime (1.1.2)
    mini_portile2 (2.8.1)
    mocha (0.9.12)
    multi_json (1.2.0)
    multi_xml (0.6.0)
    multipart-post (2.2.3)
    nokogiri (1.14.0)
      mini_portile2 (~> 2.8.0)
      racc (~> 1.4)
    racc (1.6.2)
    rack (1.4.1)
    rack-test (0.6.1)
      rack (>= 1.0)
    rake (0.9.2)
    rspec (2.6.0)
      rspec-core (~> 2.6.0)
      rspec-expectations (~> 2.6.0)
      rspec-mocks (~> 2.6.0)
    rspec-core (2.6.4)
    rspec-expectations (2.6.0)
      diff-lcs (~> 1.1.2)
    rspec-mocks (2.6.0)
    ruby-debug-wrapper (0.0.1)
    sass (3.2.19)
    stringex (1.4.0)
    therubyracer (0.10.2)
      libv8 (~> 3.3.10)
    tilt (1.3.3)
    zip (2.0.2)

PLATFORMS
  ruby

DEPENDENCIES
  locomotivecms_mounter!
  mocha (= 0.9.12)
  rack-test (~> 0.6.1)
  rake (= 0.9.2)
  rspec (~> 2.6.0)
  ruby-debug-wrapper (~> 0.0.1)
